GEM
  remote: https://rubygems.org/
  specs:
    glitched_string (0.2.0)
    haml (4.0.7)
      tilt
    rack (1.6.4)
    rack-protection (1.5.3)
      rack
    sinatra (1.4.7)
      rack (~> 1.5)
      rack-protection (~> 1.4)
      tilt (>= 1.3, < 3)
    tilt (2.0.5)

PLATFORMS
  ruby

DEPENDENCIES
  glitched_string
  haml
  sinatra

RUBY VERSION
   ruby 2.3.0p0

BUNDLED WITH
   1.12.4
