GEM
  remote: http://rubygems.org/
  specs:
    glitched_string (0.0.0)
    haml (3.1.2)
    rack (1.3.5)
    rack-protection (1.1.4)
      rack
    sinatra (1.3.1)
      rack (~> 1.3, >= 1.3.4)
      rack-protection (~> 1.1, >= 1.1.2)
      tilt (~> 1.3, >= 1.3.3)
    tilt (1.3.3)

PLATFORMS
  ruby

DEPENDENCIES
  glitched_string
  haml
  sinatra
